GEM
  specs:
    coffee-script (2.2.0)
      coffee-script-source
      execjs
    coffee-script-source (1.1.1)
    execjs (1.0.0)
      multi_json (~> 1.0)
    haml (3.1.1)
    multi_json (1.0.2)
    rack (1.2.2)
    sinatra (1.2.6)
      rack (~> 1.1)
      tilt (< 2.0, >= 1.2.2)
    sqlite3 (1.3.3)
    tilt (1.3.1)
    trollop (1.16.2)

PLATFORMS
  ruby

DEPENDENCIES
  coffee-script (>= 2.2.0)
  haml (>= 3.1.1)
  sinatra (>= 1.2.6)
  sqlite3 (>= 1.3.3)
  trollop (>= 1.16)
